GEM
  remote: https://rubygems.org/
  specs:
    zensend (0.0.2)

PLATFORMS
  ruby

DEPENDENCIES
  zensend

BUNDLED WITH
   1.13.7
